GEM
  remote: https://rubygems.org/
  specs:
    ast (2.4.2)
    cgi (0.4.1)
    debug (1.9.2)
      irb (~> 1.10)
      reline (>= 0.3.8)
    erb (4.0.4)
      cgi (>= 0.3.3)
    exif (2.2.4)
    ffi (1.15.5)
    image_processing (1.12.2)
      mini_magick (>= 4.9.5, < 5)
      ruby-vips (>= 2.0.17, < 3)
    image_size (3.2.0)
    io-console (0.7.2)
    irb (1.14.0)
      rdoc (>= 4.0.0)
      reline (>= 0.4.2)
    json (2.8.1)
    language_server-protocol (3.17.0.3)
    logger (1.6.1)
    mini_magick (4.12.0)
    parallel (1.26.3)
    parser (3.3.6.0)
      ast (~> 2.4.1)
      racc
    prism (1.2.0)
    psych (5.1.2)
      stringio
    racc (1.8.1)
    rainbow (3.1.1)
    rbs (3.6.1)
      logger
    rdoc (6.7.0)
      psych (>= 4.0.0)
    regexp_parser (2.9.2)
    reline (0.5.10)
      io-console (~> 0.5)
    rubocop (1.68.0)
      json (~> 2.3)
      language_server-protocol (>= 3.17.0)
      parallel (~> 1.10)
      parser (>= 3.3.0.2)
      rainbow (>= 2.2.2, < 4.0)
      regexp_parser (>= 2.4, < 3.0)
      rubocop-ast (>= 1.32.2, < 2.0)
      ruby-progressbar (~> 1.7)
      unicode-display_width (>= 2.4.0, < 3.0)
    rubocop-ast (1.34.1)
      parser (>= 3.3.1.0)
    ruby-lsp (0.21.3)
      language_server-protocol (~> 3.17.0)
      prism (>= 1.2, < 2.0)
      rbs (>= 3, < 4)
      sorbet-runtime (>= 0.5.10782)
    ruby-progressbar (1.13.0)
    ruby-vips (2.1.4)
      ffi (~> 1.12)
    sorbet-runtime (0.5.11641)
    stringio (3.1.1)
    unicode-display_width (2.6.0)

PLATFORMS
  arm64-darwin-23
  x86_64-darwin-21

DEPENDENCIES
  debug
  erb
  exif
  image_processing
  image_size
  rubocop
  ruby-lsp

BUNDLED WITH
   2.5.11
