GEM
  remote: https://rubygems.org/
  specs:
    cgi (0.4.1)
    debug (1.9.2)
      irb (~> 1.10)
      reline (>= 0.3.8)
    erb (4.0.4)
      cgi (>= 0.3.3)
    exif (2.2.4)
    ffi (1.15.5)
    image_processing (1.12.2)
      mini_magick (>= 4.9.5, < 5)
      ruby-vips (>= 2.0.17, < 3)
    image_size (3.2.0)
    io-console (0.7.2)
    irb (1.14.1)
      rdoc (>= 4.0.0)
      reline (>= 0.4.2)
    language_server-protocol (3.17.0.3)
    logger (1.6.5)
    mini_magick (4.12.0)
    prism (1.3.0)
    psych (5.2.0)
      stringio
    rbs (3.8.1)
      logger
    rdoc (6.7.0)
      psych (>= 4.0.0)
    reline (0.5.11)
      io-console (~> 0.5)
    ruby-lsp (0.23.6)
      language_server-protocol (~> 3.17.0)
      prism (>= 1.2, < 2.0)
      rbs (>= 3, < 4)
      sorbet-runtime (>= 0.5.10782)
    ruby-vips (2.1.4)
      ffi (~> 1.12)
    sorbet-runtime (0.5.11763)
    stringio (3.1.2)

PLATFORMS
  arm64-darwin-23
  arm64-darwin-24
  x86_64-darwin-21

DEPENDENCIES
  debug
  erb
  exif
  image_processing
  image_size
  ruby-lsp

BUNDLED WITH
   2.6.2
