GEM
  remote: https://rubygems.org/
  specs:
    date (3.4.1)
    debug (1.11.0)
      irb (~> 1.10)
      reline (>= 0.3.8)
    erb (5.0.2)
    exif (2.2.4)
    ffi (1.17.2-arm64-darwin)
    ffi (1.17.2-x86_64-darwin)
    image_processing (1.14.0)
      mini_magick (>= 4.9.5, < 6)
      ruby-vips (>= 2.0.17, < 3)
    image_size (3.4.0)
    io-console (0.8.1)
    irb (1.15.2)
      pp (>= 0.6.0)
      rdoc (>= 4.0.0)
      reline (>= 0.4.2)
    language_server-protocol (3.17.0.5)
    logger (1.7.0)
    mini_magick (5.3.1)
      logger
    pp (0.6.2)
      prettyprint
    prettyprint (0.2.0)
    prism (1.4.0)
    psych (5.2.6)
      date
      stringio
    rbs (3.9.4)
      logger
    rdoc (6.14.2)
      erb
      psych (>= 4.0.0)
    reline (0.6.2)
      io-console (~> 0.5)
    ruby-lsp (0.26.1)
      language_server-protocol (~> 3.17.0)
      prism (>= 1.2, < 2.0)
      rbs (>= 3, < 5)
    ruby-vips (2.2.5)
      ffi (~> 1.12)
      logger
    stringio (3.1.7)

PLATFORMS
  arm64-darwin-23
  arm64-darwin-24
  x86_64-darwin-21
  x86_64-darwin-24

DEPENDENCIES
  debug
  erb
  exif
  image_processing
  image_size
  ruby-lsp

BUNDLED WITH
   2.6.2
