GEM
  remote: https://rubygems.org/
  specs:
    debug (1.7.1)
    exif (2.2.4)
    ffi (1.15.5)
    image_processing (1.12.2)
      mini_magick (>= 4.9.5, < 5)
      ruby-vips (>= 2.0.17, < 3)
    image_size (3.2.0)
    language_server-protocol (3.17.0.3)
    mini_magick (4.12.0)
    prettier_print (1.2.1)
    ruby-lsp (0.4.1)
      language_server-protocol (~> 3.17.0)
      sorbet-runtime
      syntax_tree (>= 6, < 7)
    ruby-vips (2.1.4)
      ffi (~> 1.12)
    sorbet-runtime (0.5.10712)
    syntax_tree (6.0.2)
      prettier_print (>= 1.2.0)

PLATFORMS
  x86_64-darwin-21

DEPENDENCIES
  debug
  exif
  image_processing
  image_size
  ruby-lsp

BUNDLED WITH
   2.4.3
